GEM
  remote: https://rubygems.org/
  specs:
    blockchain-info-ruby (1.2.1)

PLATFORMS
  ruby

DEPENDENCIES
  blockchain-info-ruby

BUNDLED WITH
   2.0.2
